GEM
  remote: https://rubygems.org/
  specs:
    activesupport (6.1.7.3)
      concurrent-ruby (~> 1.0, >= 1.0.2)
      i18n (>= 1.6, < 2)
      minitest (>= 5.1)
      tzinfo (~> 2.0)
      zeitwerk (~> 2.3)
    attributor (2.6.0)
      hashie (~> 3)
      randexp (~> 0)
    concurrent-ruby (1.2.2)
    harness (2.0.0)
      statsd-ruby
    hashie (3.4.1)
    i18n (1.12.0)
      concurrent-ruby (~> 1.0)
    mime (0.4.2)
    minitest (5.18.0)
    mustermann (0.4.0)
      tool (~> 0.2)
    praxis (0.14.0)
      activesupport (>= 3)
      attributor (~> 2.6.0)
      harness (~> 2)
      mime (~> 0)
      mustermann (~> 0)
      praxis-blueprints (~> 1.3)
      praxis-mapper (~> 3.3)
      rack (~> 1)
      terminal-table (~> 1.4)
      thor (~> 0.18)
    praxis-blueprints (1.3.0)
      activesupport (>= 3)
      attributor (~> 2.6)
      randexp (~> 0)
    praxis-mapper (3.3)
      activesupport (>= 3)
      randexp (~> 0)
      sequel (~> 4)
    rack (1.6.12)
    rake (12.3.3)
    randexp (0.1.7)
    sequel (4.21.0)
    statsd-ruby (1.2.1)
    terminal-table (1.4.5)
    thor (0.19.1)
    tool (0.2.3)
    tzinfo (2.0.6)
      concurrent-ruby (~> 1.0)
    zeitwerk (2.6.7)

PLATFORMS
  ruby

DEPENDENCIES
  activesupport (>= 6.0.1)
  attributor
  praxis
  rake (~> 12.3.3)

BUNDLED WITH
   2.2.15
