GEM
  remote: https://rubygems.org/
  specs:
    activesupport (6.0.1)
      concurrent-ruby (~> 1.0, >= 1.0.2)
      i18n (>= 0.7, < 2)
      minitest (~> 5.1)
      tzinfo (~> 1.1)
      zeitwerk (~> 2.2)
    attributor (2.6.0)
      hashie (~> 3)
      randexp (~> 0)
    concurrent-ruby (1.1.5)
    harness (2.0.0)
      statsd-ruby
    hashie (3.4.1)
    i18n (1.7.0)
      concurrent-ruby (~> 1.0)
    mime (0.4.2)
    minitest (5.13.0)
    mustermann (0.4.0)
      tool (~> 0.2)
    praxis (0.14.0)
      activesupport (>= 3)
      attributor (~> 2.6.0)
      harness (~> 2)
      mime (~> 0)
      mustermann (~> 0)
      praxis-blueprints (~> 1.3)
      praxis-mapper (~> 3.3)
      rack (~> 1)
      terminal-table (~> 1.4)
      thor (~> 0.18)
    praxis-blueprints (1.3.0)
      activesupport (>= 3)
      attributor (~> 2.6)
      randexp (~> 0)
    praxis-mapper (3.3)
      activesupport (>= 3)
      randexp (~> 0)
      sequel (~> 4)
    rack (1.6.0)
    rake (10.4.2)
    randexp (0.1.7)
    sequel (4.21.0)
    statsd-ruby (1.2.1)
    terminal-table (1.4.5)
    thor (0.19.1)
    thread_safe (0.3.6)
    tool (0.2.3)
    tzinfo (1.2.5)
      thread_safe (~> 0.1)
    zeitwerk (2.2.1)

PLATFORMS
  ruby

DEPENDENCIES
  attributor
  praxis
  rake
